GEM
  remote: http://rubygems.org/
  specs:
    awesome_print (1.7.0)
    daemons (1.2.4)
    eventmachine (1.2.3)
    rack (1.6.5)
    rack-protection (1.5.3)
      rack
    rdiscount (2.2.0.1)
    sequel (4.44.0)
    shotgun (0.9.2)
      rack (>= 1.0)
    sinatra (1.4.8)
      rack (~> 1.5)
      rack-protection (~> 1.4)
      tilt (>= 1.3, < 3)
    sqlite3 (1.3.13)
    thin (1.7.0)
      daemons (~> 1.0, >= 1.0.9)
      eventmachine (~> 1.0, >= 1.0.4)
      rack (>= 1, < 3)
    tilt (2.0.6)
    yard (0.9.8)
    yard-sinatra (1.0.0)
      yard (~> 0.7)

PLATFORMS
  ruby

DEPENDENCIES
  awesome_print
  rdiscount
  sequel
  shotgun
  sinatra
  sqlite3
  thin
  yard
  yard-sinatra

BUNDLED WITH
   1.11.2
